GIT
  remote: git://github.com/rspec/rspec-core.git
  revision: 93e5001b5ae6b299d3efaa727884f6fbaec5b32a
  branch: master
  specs:
    rspec-core (3.4.0.pre)
      rspec-support (= 3.4.0.pre)

GIT
  remote: git://github.com/rspec/rspec-expectations.git
  revision: 7f0d1f6a68fdfa6e8a06518a51e54833baafa2c0
  branch: master
  specs:
    rspec-expectations (3.4.0.pre)
      diff-lcs (>= 1.2.0, < 2.0)
      rspec-support (= 3.4.0.pre)

GIT
  remote: git://github.com/rspec/rspec-mocks.git
  revision: abb875d2cc10998d407b07c93d5686675d36b61c
  branch: master
  specs:
    rspec-mocks (3.4.0.pre)
      diff-lcs (>= 1.2.0, < 2.0)
      rspec-support (= 3.4.0.pre)

GIT
  remote: git://github.com/rspec/rspec-support.git
  revision: 838e6aab14cd472e860b41503c670a6ef5cf9606
  branch: master
  specs:
    rspec-support (3.4.0.pre)

GIT
  remote: git://github.com/rspec/rspec.git
  revision: a064ad487c843770126b9d6dc1e28be689ef09a6
  branch: master
  specs:
    rspec (3.4.0.pre)
      rspec-core (= 3.4.0.pre)
      rspec-expectations (= 3.4.0.pre)
      rspec-mocks (= 3.4.0.pre)

GEM
  remote: http://rubygems.org/
  specs:
    daemons (1.2.3)
    diff-lcs (1.2.5)
    eventmachine (1.0.8)
    fakeweb (1.3.0)
    geoip (1.6.1)
    httparty (0.13.5)
      json (~> 1.8)
      multi_xml (>= 0.5.2)
    json (1.8.3)
    mini_portile (0.6.2)
    multi_xml (0.5.5)
    nokogiri (1.6.6.2)
      mini_portile (~> 0.6.0)
    rack (1.4.1)
    rack-contrib (1.1.0)
      rack (>= 0.9.1)
    rack-protection (1.2.0)
      rack
    rack-test (0.6.1)
      rack (>= 1.0)
    rake (0.9.2.2)
    sinatra (1.3.3)
      rack (~> 1.3, >= 1.3.6)
      rack-protection (~> 1.2)
      tilt (~> 1.3, >= 1.3.3)
    slim (3.0.6)
      temple (~> 0.7.3)
      tilt (>= 1.3.3, < 2.1)
    temple (0.7.6)
    thin (1.6.3)
      daemons (~> 1.0, >= 1.0.9)
      eventmachine (~> 1.0)
      rack (~> 1.0)
    tilt (1.3.3)

PLATFORMS
  ruby

DEPENDENCIES
  fakeweb (~> 1.3)
  geoip
  httparty
  json
  nokogiri (~> 1.6.6.2)
  rack
  rack-contrib (~> 1.1.0)
  rack-test (~> 0.6.0)
  rake (~> 0.9.2)
  rspec!
  rspec-core!
  rspec-expectations!
  rspec-mocks!
  rspec-support!
  sinatra
  slim
  thin (~> 1.6)

BUNDLED WITH
   1.10.6
